GEM
  remote: https://rubygems.org/
  specs:
    base64 (0.3.0)
    builder (3.3.0)
    compact_index (0.15.0)
    faraday (2.13.1)
      faraday-net_http (>= 2.0, < 3.5)
      json
      logger
    faraday-net_http (3.4.1)
      net-http (>= 0.5.0)
    geminabox (2.1.0)
      builder
      faraday (> 1.0, < 3.0)
      httpclient (>= 2.2.7)
      nesty
      reentrant_flock
      sinatra (~> 2.0)
    httpclient (2.9.0)
      mutex_m
    json (2.12.2)
    logger (1.7.0)
    mustermann (2.0.2)
      ruby2_keywords (~> 0.0.1)
    mutex_m (0.3.0)
    nesty (1.0.2)
    net-http (0.6.0)
      uri
    nio4r (2.7.4)
    ostruct (0.6.2)
    puma (6.6.0)
      nio4r (~> 2.0)
    rack (2.2.17)
    rack-protection (2.2.4)
      rack
    reentrant_flock (0.1.1)
    ruby2_keywords (0.0.5)
    rubygems-generate_index (1.1.3)
      compact_index (~> 0.15.0)
    sinatra (2.2.4)
      mustermann (~> 2.0)
      rack (~> 2.2)
      rack-protection (= 2.2.4)
      tilt (~> 2.0)
    tilt (2.6.0)
    uri (1.0.3)

PLATFORMS
  arm64-darwin-24
  ruby

DEPENDENCIES
  base64
  geminabox
  ostruct
  puma
  rubygems-generate_index

BUNDLED WITH
   2.6.8
